GEM
  remote: https://rubygems.org/
  specs:
    addressable (2.8.0)
      public_suffix (>= 2.0.2, < 5.0)
    byebug (10.0.2)
    httparty (0.21.0)
      mini_mime (>= 1.0.0)
      multi_xml (>= 0.5.2)
    json (2.3.0)
    mini_mime (1.1.2)
    multi_xml (0.6.0)
    mustermann (2.0.2)
      ruby2_keywords (~> 0.0.1)
    power_assert (1.1.1)
    public_suffix (4.0.7)
    rack (2.2.9)
    rack-protection (2.2.3)
      rack
    rack-test (1.1.0)
      rack (>= 1.0, < 3)
    ruby2_keywords (0.0.5)
    sinatra (2.2.3)
      mustermann (~> 2.0)
      rack (~> 2.2)
      rack-protection (= 2.2.3)
      tilt (~> 2.0)
    test-unit (3.2.7)
      power_assert
    tilt (2.3.0)

PLATFORMS
  ruby

DEPENDENCIES
  addressable
  byebug
  httparty
  json
  rack-test
  sinatra
  test-unit

RUBY VERSION
   ruby 2.5.3p105

BUNDLED WITH
   1.17.3
